GEM
  remote: https://rubygems.org/
  specs:
    rack (3.0.2)
    rackup (0.2.3)
      rack (>= 3.0.0.beta1)
      webrick
    rexml (3.2.5)
    webrick (1.7.0)

PLATFORMS
  x86_64-linux

DEPENDENCIES
  rack
  rackup
  rexml

BUNDLED WITH
   2.2.3
