GEM
  remote: https://rubygems.org/
  specs:
    blankslate (3.1.3)
    domain_name (0.5.20190701)
      unf (>= 0.0.5, < 1.0.0)
    http-accept (1.7.0)
    http-cookie (1.0.5)
      domain_name (~> 0.5)
    jimson (0.14.0)
      blankslate (>= 3.1.3)
      multi_json (>= 1.11.2)
      rack (>= 1.4.5)
      rest-client (>= 1.7.3)
    mime-types (3.4.1)
      mime-types-data (~> 3.2015)
    mime-types-data (3.2022.0105)
    multi_json (1.15.0)
    netrc (0.11.0)
    rack (3.0.2)
    rackup (0.2.3)
      rack (>= 3.0.0.beta1)
      webrick
    rest-client (2.1.0)
      http-accept (>= 1.7.0, < 2.0)
      http-cookie (>= 1.0.2, < 2.0)
      mime-types (>= 1.16, < 4.0)
      netrc (~> 0.8)
    unf (0.1.4)
      unf_ext
    unf_ext (0.0.8.2)
    webrick (1.7.0)

PLATFORMS
  x86_64-linux

DEPENDENCIES
  jimson
  rack
  rackup

BUNDLED WITH
   2.2.3
